NUGET
  remote: https://www.nuget.org/api/v2
  specs:
    FAKE (3.35.2)
    FsCheck (2.0.1)
      FSharp.Core (>= 3.1.2.1)
    FSharp.Core (3.1.2.1)
    FsPickler (1.2.7)
    FsPickler.Json (1.2.7)
      FsPickler (1.2.7)
      Newtonsoft.Json (>= 6.0.5 < 6.1.0)
    FsUnit (1.3.0.1)
      NUnit (>= 2.6.3)
    MBrace.Core (0.9.12-alpha)
    MBrace.Flow (0.9.12-alpha)
      MBrace.Core (0.9.12-alpha)
      Streams (0.3.0)
    MBrace.Runtime.Core (0.9.12-alpha)
      FsPickler (1.2.7)
      FsPickler.Json
      MBrace.Core (0.9.12-alpha)
      Vagabond (0.6.9)
    MBrace.Tests (0.9.12-alpha)
      FsCheck (>= 2.0.1)
      MBrace.Core (0.9.12-alpha)
      MBrace.Flow (0.9.12-alpha)
      NUnit (>= 2.6.3)
    Microsoft.Data.Edm (5.6.4)
    Microsoft.Data.OData (5.6.4)
      Microsoft.Data.Edm (5.6.4)
      System.Spatial (5.6.4)
    Microsoft.Data.Services.Client (5.6.4) - framework: >= net40
      Microsoft.Data.OData (5.6.4)
    Microsoft.WindowsAzure.ConfigurationManager (3.1.0) - framework: >= net40
    Mono.Cecil (0.9.6.1)
    Newtonsoft.Json (6.0.8) - framework: wpv8.0, >= net40
    NuGet.CommandLine (2.8.3)
    NUnit (2.6.4)
    NUnit.Runners (2.6.4)
    Streams (0.3.0)
    System.Spatial (5.6.4)
    Vagabond (0.6.9)
      FsPickler (>= 1.2.2 < 1.3.0)
      Mono.Cecil (0.9.6.1)
    WindowsAzure.ServiceBus (2.5.2)
      Microsoft.WindowsAzure.ConfigurationManager
    WindowsAzure.Storage (4.3.0)
      Microsoft.Data.OData (>= 5.6.2)
      Microsoft.Data.Services.Client (>= 5.6.2) - framework: >= net40
      Microsoft.WindowsAzure.ConfigurationManager (>= 1.8.0.0) - framework: >= net40
      Newtonsoft.Json (>= 5.0.8) - framework: wpv8.0, >= net40
